GEM
  remote: https://rubygems.org/
  specs:
    card_deck (4.02)
    diff-lcs (1.3)
    micromachine (3.0.0)
    rspec (3.9.0)
      rspec-core (~> 3.9.0)
      rspec-expectations (~> 3.9.0)
      rspec-mocks (~> 3.9.0)
    rspec-core (3.9.0)
      rspec-support (~> 3.9.0)
    rspec-expectations (3.9.0)
      diff-lcs (>= 1.2.0, < 2.0)
      rspec-support (~> 3.9.0)
    rspec-mocks (3.9.0)
      diff-lcs (>= 1.2.0, < 2.0)
      rspec-support (~> 3.9.0)
    rspec-support (3.9.0)
    sum_all_number_combinations (0.1.2)

PLATFORMS
  ruby

DEPENDENCIES
  card_deck
  micromachine (~> 3.0)
  rspec
  sum_all_number_combinations (~> 0.1.2)

BUNDLED WITH
   1.17.2
